GEM
  remote: https://rubygems.org/
  specs:
    ffi (1.9.23)
    jekyll-paginate (1.1.0)
    jekyll-watch (2.0.0)
      listen (~> 3.0)
    kramdown (1.16.2)
    listen (3.1.5)
      rb-fsevent (~> 0.9, >= 0.9.4)
      rb-inotify (~> 0.9, >= 0.9.7)
      ruby_dep (~> 1.2)
    rb-fsevent (0.10.3)
    rb-inotify (0.9.10)
      ffi (>= 0.5.0, < 2)
    rouge (3.1.1)
    ruby_dep (1.5.0)

PLATFORMS
  ruby

DEPENDENCIES
  jekyll-paginate
  jekyll-watch
  kramdown
  rouge

BUNDLED WITH
   1.16.1
